PATH
  remote: .
  specs:
    activerecord-jdbcteradata-adapter (0.5.1)
      activerecord (>= 3.2.13)
      activerecord-jdbc-adapter
      jdbc-teradata

GEM
  remote: http://rubygems.org/
  specs:
    activemodel (4.0.0)
      activesupport (= 4.0.0)
      builder (~> 3.1.0)
    activerecord (4.0.0)
      activemodel (= 4.0.0)
      activerecord-deprecated_finders (~> 1.0.2)
      activesupport (= 4.0.0)
      arel (~> 4.0.0)
    activerecord-deprecated_finders (1.0.3)
    activerecord-jdbc-adapter (1.3.1)
      activerecord (>= 2.2)
    activesupport (4.0.0)
      i18n (~> 0.6, >= 0.6.4)
      minitest (~> 4.2)
      multi_json (~> 1.3)
      thread_safe (~> 0.1)
      tzinfo (~> 0.3.37)
    arel (4.0.0)
    atomic (1.1.14)
    atomic (1.1.14-java)
    builder (3.1.4)
    diff-lcs (1.2.4)
    i18n (0.6.5)
    jdbc-teradata (0.3.0)
    minitest (4.7.5)
    multi_json (1.8.0)
    rake (10.0.4)
    rspec (2.13.0)
      rspec-core (~> 2.13.0)
      rspec-expectations (~> 2.13.0)
      rspec-mocks (~> 2.13.0)
    rspec-core (2.13.1)
    rspec-expectations (2.13.0)
      diff-lcs (>= 1.1.3, < 2.0)
    rspec-mocks (2.13.1)
    thread_safe (0.1.3)
      atomic
    thread_safe (0.1.3-java)
      atomic
    tzinfo (0.3.37)

PLATFORMS
  java
  ruby

DEPENDENCIES
  activerecord-jdbcteradata-adapter!
  rake
  rspec
